GIT
  remote: git://github.com/sinatra/sinatra.git
  revision: 91bce0b4b7857eaead6636db577be5c65aa1399d
  specs:
    sinatra (1.4.0)
      rack (~> 1.3, >= 1.3.6)
      rack-protection (~> 1.2)
      tilt (~> 1.3, >= 1.3.3)

GEM
  remote: http://rubygems.org/
  specs:
    activesupport (3.2.6)
      i18n (~> 0.6)
      multi_json (~> 1.0)
    addressable (2.2.8)
    daemons (1.1.8)
    data_objects (0.10.8)
      addressable (~> 2.1)
    diff-lcs (1.1.3)
    dm-aggregates (1.2.0)
      dm-core (~> 1.2.0)
    dm-constraints (1.2.0)
      dm-core (~> 1.2.0)
    dm-core (1.2.0)
      addressable (~> 2.2.6)
    dm-do-adapter (1.2.0)
      data_objects (~> 0.10.6)
      dm-core (~> 1.2.0)
    dm-migrations (1.2.0)
      dm-core (~> 1.2.0)
    dm-mysql-adapter (1.2.0)
      dm-do-adapter (~> 1.2.0)
      do_mysql (~> 0.10.6)
    dm-pager (1.1.0)
      dm-aggregates (>= 0.10.1)
      dm-core (>= 0.10.1)
    dm-postgres-adapter (1.2.0)
      dm-do-adapter (~> 1.2.0)
      do_postgres (~> 0.10.6)
    dm-serializer (1.2.0)
      dm-core (~> 1.2.0)
      fastercsv (~> 1.5.4)
      json (~> 1.5.4)
      json_pure (~> 1.5.4)
      multi_json (~> 1.0.3)
    dm-transactions (1.2.0)
      dm-core (~> 1.2.0)
    dm-validations (1.2.0)
      dm-core (~> 1.2.0)
    do_mysql (0.10.8)
      data_objects (= 0.10.8)
    do_postgres (0.10.8)
      data_objects (= 0.10.8)
    eventmachine (0.12.10)
    factory_girl (3.5.0)
      activesupport (>= 3.0.0)
    fastercsv (1.5.5)
    haml (3.1.6)
    i18n (0.6.0)
    json (1.5.4)
    json_pure (1.5.4)
      spruz (~> 0.2.8)
    json_spec (1.0.3)
      multi_json (~> 1.0)
      rspec (~> 2.0)
    maruku (0.6.0)
      syntax (>= 1.0.0)
    mime-types (1.19)
    multi_json (1.0.4)
    pg (0.10.0)
    rack (1.4.1)
    rack-protection (1.2.0)
      rack
    rack-test (0.6.1)
      rack (>= 1.0)
    rest-client (1.6.7)
      mime-types (>= 1.16)
    rspec (2.11.0)
      rspec-core (~> 2.11.0)
      rspec-expectations (~> 2.11.0)
      rspec-mocks (~> 2.11.0)
    rspec-core (2.11.1)
    rspec-expectations (2.11.2)
      diff-lcs (~> 1.1.3)
    rspec-mocks (2.11.1)
    shoulda (3.1.1)
      shoulda-context (~> 1.0)
      shoulda-matchers (~> 1.2)
    shoulda-context (1.0.0)
    shoulda-matchers (1.2.0)
      activesupport (>= 3.0.0)
    spruz (0.2.13)
    syntax (1.0.0)
    thin (1.4.1)
      daemons (>= 1.0.9)
      eventmachine (>= 0.12.6)
      rack (>= 1.0.0)
    tilt (1.3.3)

PLATFORMS
  ruby

DEPENDENCIES
  activesupport
  dm-aggregates (= 1.2.0)
  dm-constraints (= 1.2.0)
  dm-core (= 1.2.0)
  dm-migrations (= 1.2.0)
  dm-mysql-adapter
  dm-pager (= 1.1.0)
  dm-postgres-adapter
  dm-serializer (= 1.2.0)
  dm-transactions (= 1.2.0)
  dm-validations (= 1.2.0)
  factory_girl
  haml
  json (= 1.5.4)
  json_spec
  maruku
  pg (= 0.10.0)
  rack-test
  rest-client
  rspec
  shoulda
  sinatra!
  thin
